FRAMEWORK: >= NET45
NUGET
  remote: https://www.nuget.org/api/v2
  specs:
    Elasticsearch.Net (2.4.5) - framework: net45, >= net46
    FAKE (4.39.1)
    NEST (2.4.5)
      Elasticsearch.Net (>= 2.4.5) - framework: net45, >= net46
      Newtonsoft.Json (>= 9.0 < 10.0) - framework: net45, >= net46
    NUnit (2.6.4)
    NUnit.Runners (2.6.4)
    With (2.0)
  remote: https://dotnet.myget.org/F/dotnet-core
  specs:
    Newtonsoft.Json (9.0.1) - framework: net45, >= net46
